GEM
  remote: https://rubygems.org/
  specs:
    minitest (5.5.1)
    rake (10.3.2)

PLATFORMS
  ruby

DEPENDENCIES
  minitest
  rake
